PATH
  remote: .
  specs:
    LockstepSdk (0.1.0)

GEM
  remote: http://rubygems.org/
  specs:

PLATFORMS
  -darwin-21

DEPENDENCIES
  LockstepSdk!

BUNDLED WITH
   2.3.3
